PATH
  remote: .
  specs:
    em_aws (0.1.5)
      aws-sdk
      em-http-request
      em-synchrony

GEM
  remote: http://rubygems.org/
  specs:
    addressable (2.2.8)
    aws-sdk (1.5.4)
      httparty (~> 0.7)
      json (~> 1.4)
      nokogiri (>= 1.4.4)
      uuidtools (~> 2.1)
    builder (3.0.0)
    cookiejar (0.3.0)
    diff-lcs (1.1.3)
    em-http-request (1.0.2)
      addressable (>= 2.2.3)
      cookiejar
      em-socksify
      eventmachine (>= 1.0.0.beta.4)
      http_parser.rb (>= 0.5.3)
    em-socksify (0.2.0)
      eventmachine (>= 1.0.0.beta.4)
    em-synchrony (1.0.2)
      eventmachine (>= 1.0.0.beta.1)
    eventmachine (1.0.0.rc.2)
    eventmachine (1.0.0.rc.2-java)
    http_parser.rb (0.5.3)
    http_parser.rb (0.5.3-java)
    httparty (0.8.3)
      multi_json (~> 1.0)
      multi_xml
    json (1.7.3)
    json (1.7.3-java)
    multi_json (1.3.6)
    multi_xml (0.5.1)
    nokogiri (1.5.5)
    nokogiri (1.5.5-java)
    rspec (2.10.0)
      rspec-core (~> 2.10.0)
      rspec-expectations (~> 2.10.0)
      rspec-mocks (~> 2.10.0)
    rspec-core (2.10.1)
    rspec-expectations (2.10.0)
      diff-lcs (~> 1.1.3)
    rspec-mocks (2.10.1)
    uuidtools (2.1.2)

PLATFORMS
  java
  ruby

DEPENDENCIES
  builder
  em_aws!
  rspec
