PATH
  remote: .
  specs:
    em_aws (0.1.10)
      aws-sdk
      em-http-request
      em-synchrony

GEM
  remote: http://rubygems.org/
  specs:
    addressable (2.3.2)
    aws-sdk (1.8.0)
      httparty (~> 0.7)
      json (~> 1.4)
      nokogiri (>= 1.4.4)
      uuidtools (~> 2.1)
    builder (3.1.4)
    cookiejar (0.3.0)
    diff-lcs (1.1.3)
    em-http-request (1.0.3)
      addressable (>= 2.2.3)
      cookiejar
      em-socksify
      eventmachine (>= 1.0.0.beta.4)
      http_parser.rb (>= 0.5.3)
    em-socksify (0.2.1)
      eventmachine (>= 1.0.0.beta.4)
    em-synchrony (1.0.2)
      eventmachine (>= 1.0.0.beta.1)
    eventmachine (1.0.0)
    eventmachine (1.0.0-java)
    http_parser.rb (0.5.3)
    http_parser.rb (0.5.3-java)
    httparty (0.9.0)
      multi_json (~> 1.0)
      multi_xml
    json (1.7.6)
    json (1.7.6-java)
    multi_json (1.5.0)
    multi_xml (0.5.1)
    nokogiri (1.5.6)
    nokogiri (1.5.6-java)
    rspec (2.12.0)
      rspec-core (~> 2.12.0)
      rspec-expectations (~> 2.12.0)
      rspec-mocks (~> 2.12.0)
    rspec-core (2.12.2)
    rspec-expectations (2.12.1)
      diff-lcs (~> 1.1.3)
    rspec-mocks (2.12.1)
    uuidtools (2.1.3)

PLATFORMS
  java
  ruby

DEPENDENCIES
  builder
  em_aws!
  rspec
