PATH
  remote: .
  specs:
    em_aws (0.3.2)
      aws-sdk-v1
      em-http-request
      em-synchrony
      hot_tub (~> 0.2.4)

GEM
  remote: https://rubygems.org/
  specs:
    ZenTest (4.11.0)
    addressable (2.3.7)
    autotest (4.4.6)
      ZenTest (>= 4.4.1)
    aws-sdk-v1 (1.63.0)
      json (~> 1.4)
      nokogiri (>= 1.4.4)
    cookiejar (0.3.2)
    diff-lcs (1.2.5)
    em-http-request (1.1.2)
      addressable (>= 2.3.4)
      cookiejar
      em-socksify (>= 0.3)
      eventmachine (>= 1.0.3)
      http_parser.rb (>= 0.6.0)
    em-socksify (0.3.0)
      eventmachine (>= 1.0.0.beta.4)
    em-synchrony (1.0.4)
      eventmachine (>= 1.0.0.beta.1)
    eventmachine (1.0.7)
    eventmachine_httpserver (0.2.1)
    hot_tub (0.2.6)
    http_parser.rb (0.6.0)
    json (1.8.2)
    mini_portile (0.6.2)
    nokogiri (1.6.6.2)
      mini_portile (~> 0.6.0)
    rspec (3.2.0)
      rspec-core (~> 3.2.0)
      rspec-expectations (~> 3.2.0)
      rspec-mocks (~> 3.2.0)
    rspec-autotest (1.0.0)
      rspec-core (>= 2.99.0.beta1, < 4.0.0)
    rspec-core (3.2.1)
      rspec-support (~> 3.2.0)
    rspec-expectations (3.2.0)
      diff-lcs (>= 1.2.0, < 2.0)
      rspec-support (~> 3.2.0)
    rspec-mocks (3.2.1)
      diff-lcs (>= 1.2.0, < 2.0)
      rspec-support (~> 3.2.0)
    rspec-support (3.2.2)

PLATFORMS
  ruby

DEPENDENCIES
  autotest
  bundler (~> 1.7)
  em_aws!
  eventmachine_httpserver
  rspec
  rspec-autotest
