PATH
  remote: .
  specs:
    em_aws (0.2.5)
      aws-sdk
      em-http-request
      em-synchrony
      hot_tub (~> 0.2.1)

GEM
  remote: http://rubygems.org/
  specs:
    ZenTest (4.8.4)
    addressable (2.3.3)
    aws-sdk (1.8.5)
      json (~> 1.4)
      nokogiri (>= 1.4.4)
      uuidtools (~> 2.1)
    builder (3.2.0)
    cookiejar (0.3.0)
    diff-lcs (1.2.2)
    em-http-request (1.0.3)
      addressable (>= 2.2.3)
      cookiejar
      em-socksify
      eventmachine (>= 1.0.0.beta.4)
      http_parser.rb (>= 0.5.3)
    em-socksify (0.2.1)
      eventmachine (>= 1.0.0.beta.4)
    em-synchrony (1.0.3)
      eventmachine (>= 1.0.0.beta.1)
    eventmachine (1.0.3)
    eventmachine (1.0.3-java)
    eventmachine_httpserver (0.2.1)
    hot_tub (0.2.1)
    http_parser.rb (0.5.3)
    http_parser.rb (0.5.3-java)
    json (1.7.7)
    json (1.7.7-java)
    nokogiri (1.5.9)
    nokogiri (1.5.9-java)
    rspec (2.13.0)
      rspec-core (~> 2.13.0)
      rspec-expectations (~> 2.13.0)
      rspec-mocks (~> 2.13.0)
    rspec-core (2.13.1)
    rspec-expectations (2.13.0)
      diff-lcs (>= 1.1.3, < 2.0)
    rspec-mocks (2.13.0)
    uuidtools (2.1.3)

PLATFORMS
  java
  ruby

DEPENDENCIES
  ZenTest (~> 4.8.2)
  builder
  em_aws!
  eventmachine_httpserver
  rspec
