PATH
  remote: .
  specs:
    em_aws (0.4.0.beta)
      aws-sdk-v1
      em-hot_tub (~> 1.1.0)
      em-http-request
      em-synchrony

GEM
  remote: https://rubygems.org/
  specs:
    ZenTest (4.11.0)
    addressable (2.4.0)
    autotest (4.4.6)
      ZenTest (>= 4.4.1)
    aws-sdk-v1 (1.66.0)
      json (~> 1.4)
      nokogiri (>= 1.4.4)
    cookiejar (0.3.0)
    diff-lcs (1.2.5)
    em-hot_tub (1.1.0)
      em-synchrony
      hot_tub (~> 1.0.0)
    em-http-request (1.1.3)
      addressable (>= 2.3.4)
      cookiejar (<= 0.3.0)
      em-socksify (>= 0.3)
      eventmachine (>= 1.0.3)
      http_parser.rb (>= 0.6.0)
    em-socksify (0.3.1)
      eventmachine (>= 1.0.0.beta.4)
    em-synchrony (1.0.4)
      eventmachine (>= 1.0.0.beta.1)
    eventmachine (1.0.8)
    eventmachine_httpserver (0.2.1)
    hot_tub (1.0.0)
    http_parser.rb (0.6.0)
    json (1.8.3)
    mini_portile2 (2.0.0)
    nokogiri (1.6.7.1)
      mini_portile2 (~> 2.0.0.rc2)
    rspec (3.4.0)
      rspec-core (~> 3.4.0)
      rspec-expectations (~> 3.4.0)
      rspec-mocks (~> 3.4.0)
    rspec-autotest (1.0.0)
      rspec-core (>= 2.99.0.beta1, < 4.0.0)
    rspec-core (3.4.1)
      rspec-support (~> 3.4.0)
    rspec-expectations (3.4.0)
      diff-lcs (>= 1.2.0, < 2.0)
      rspec-support (~> 3.4.0)
    rspec-mocks (3.4.0)
      diff-lcs (>= 1.2.0, < 2.0)
      rspec-support (~> 3.4.0)
    rspec-support (3.4.1)

PLATFORMS
  ruby

DEPENDENCIES
  autotest
  bundler (~> 1.7)
  em_aws!
  eventmachine_httpserver
  rspec
  rspec-autotest

BUNDLED WITH
   1.11.2
